GEM
  remote: http://rubygems.org/
  specs:
    haml (4.0.5)
      tilt
    rack (1.5.2)
    rack-protection (1.5.3)
      rack
    rake (10.3.2)
    redcarpet (3.1.2)
    sass (3.4.0)
    sinatra (1.4.5)
      rack (~> 1.4)
      rack-protection (~> 1.4)
      tilt (~> 1.3, >= 1.3.4)
    tilt (1.4.1)

PLATFORMS
  ruby

DEPENDENCIES
  haml
  rake
  redcarpet
  sass
  sinatra

RUBY VERSION
   ruby 2.3.3p222

BUNDLED WITH
   1.13.6
